GEM
  remote: https://rubygems.org/
  specs:
    bson (1.9.1)
    bson_ext (1.9.1)
      bson (~> 1.9.1)
    dotenv (0.7.0)
    foreman (0.63.0)
      dotenv (>= 0.7)
      thor (>= 0.13.6)
    json (1.8.0)
    mongo (1.9.1)
      bson (~> 1.9.1)
    rack (1.5.2)
    rack-protection (1.5.0)
      rack
    sinatra (1.4.2)
      rack (~> 1.5, >= 1.5.2)
      rack-protection (~> 1.4)
      tilt (~> 1.3, >= 1.3.4)
    thor (0.18.1)
    tilt (1.4.1)

PLATFORMS
  ruby

DEPENDENCIES
  bson_ext (= 1.9.1)
  foreman (= 0.63.0)
  json (= 1.8.0)
  mongo (= 1.9.1)
  sinatra (= 1.4.2)
